GEM
  remote: https://rubygems.org/
  specs:
    active_record_extended (1.4.0)
      activerecord (>= 5.0, < 6.1)
      ar_outer_joins (~> 0.2)
      pg (< 2.0)
    activemodel (6.0.3.4)
      activesupport (= 6.0.3.4)
    activerecord (6.0.3.4)
      activemodel (= 6.0.3.4)
      activesupport (= 6.0.3.4)
    activesupport (6.0.3.4)
      concurrent-ruby (~> 1.0, >= 1.0.2)
      i18n (>= 0.7, < 2)
      minitest (~> 5.1)
      tzinfo (~> 1.1)
      zeitwerk (~> 2.2, >= 2.2.2)
    ar_outer_joins (0.2.0)
      activerecord (>= 3.2)
    awesome_print (1.8.0)
    bcrypt (3.1.16)
    builder (3.2.4)
    byebug (11.1.3)
    concurrent-ruby (1.1.7)
    database_cleaner_2 (2.1.0)
    diff-lcs (1.4.4)
    dotenv (2.7.6)
    globalid (0.4.2)
      activesupport (>= 4.2.0)
    gyoku (1.3.1)
      builder (>= 2.1.2)
    i18n (1.8.5)
      concurrent-ruby (~> 1.0)
    libis-tools (1.0.9)
      concurrent-ruby (~> 1.0)
      gyoku (~> 1.3)
      logging (~> 2.0)
      nokogiri (~> 1.6)
      nori (~> 2.6)
      parslet (~> 1.7)
      recursive-open-struct (~> 1.0)
      roo (~> 2.5)
      roo-xls (~> 1.0)
      simple_xlsx_reader (~> 1.0)
      thor
      tty-config
      tty-prompt
      yard (~> 0.9.11)
    little-plugger (1.1.4)
    logging (2.3.0)
      little-plugger (~> 1.1)
      multi_json (~> 1.14)
    method_source (1.0.0)
    mini_portile2 (2.8.0)
    minitest (5.14.2)
    multi_json (1.15.0)
    nokogiri (1.13.6)
      mini_portile2 (~> 2.8.0)
      racc (~> 1.4)
    nori (2.6.0)
    order_as_specified (1.6)
      activerecord (>= 5.0.0)
    parslet (1.8.2)
    pastel (0.8.0)
      tty-color (~> 0.5)
    pg (1.2.3)
    racc (1.6.0)
    rake (13.0.1)
    ranked-model (0.4.6)
      activerecord (>= 4.2)
    recursive-open-struct (1.1.3)
    roo (2.8.3)
      nokogiri (~> 1)
      rubyzip (>= 1.3.0, < 3.0.0)
    roo-xls (1.2.0)
      nokogiri
      roo (>= 2.0.0, < 3)
      spreadsheet (> 0.9.0)
    rspec (3.10.0)
      rspec-core (~> 3.10.0)
      rspec-expectations (~> 3.10.0)
      rspec-mocks (~> 3.10.0)
    rspec-core (3.10.0)
      rspec-support (~> 3.10.0)
    rspec-expectations (3.10.0)
      diff-lcs (>= 1.2.0, < 2.0)
      rspec-support (~> 3.10.0)
    rspec-mocks (3.10.0)
      diff-lcs (>= 1.2.0, < 2.0)
      rspec-support (~> 3.10.0)
    rspec-support (3.10.0)
    ruby-enum (0.8.0)
      i18n
    ruby-ole (1.2.12.2)
    rubyzip (2.3.0)
    simple_xlsx_reader (1.0.4)
      nokogiri
      rubyzip
    spreadsheet (1.2.6)
      ruby-ole (>= 1.0)
    symbolized (0.0.1)
    thor (1.0.1)
    thread_safe (0.3.6)
    tty-color (0.6.0)
    tty-config (0.4.0)
    tty-cursor (0.7.1)
    tty-prompt (0.22.0)
      pastel (~> 0.8)
      tty-reader (~> 0.8)
    tty-reader (0.8.0)
      tty-cursor (~> 0.7)
      tty-screen (~> 0.8)
      wisper (~> 2.0)
    tty-screen (0.8.1)
    tty-spinner (0.9.3)
      tty-cursor (~> 0.7)
    tzinfo (1.2.8)
      thread_safe (~> 0.1)
    wisper (2.0.1)
    yard (0.9.25)
    zeitwerk (2.4.1)

PLATFORMS
  ruby

DEPENDENCIES
  active_record_extended
  activerecord
  activesupport
  awesome_print
  bcrypt
  bundler
  byebug
  database_cleaner_2
  dotenv
  globalid
  libis-tools
  method_source
  order_as_specified
  pg
  rake
  ranked-model
  rspec
  ruby-enum
  symbolized
  tty-prompt
  tty-spinner

BUNDLED WITH
   2.1.4
