GEM
  remote: https://rubygems.org/
  specs:
    active_record_extended (1.4.0)
      activerecord (>= 5.0, < 6.1)
      ar_outer_joins (~> 0.2)
      pg (< 2.0)
    activemodel (6.0.3.4)
      activesupport (= 6.0.3.4)
    activerecord (6.0.3.4)
      activemodel (= 6.0.3.4)
      activesupport (= 6.0.3.4)
    activesupport (6.0.3.4)
      concurrent-ruby (~> 1.0, >= 1.0.2)
      i18n (>= 0.7, < 2)
      minitest (~> 5.1)
      tzinfo (~> 1.1)
      zeitwerk (~> 2.2, >= 2.2.2)
    addressable (2.7.0)
      public_suffix (>= 2.0.2, < 5.0)
    akami (1.3.1)
      gyoku (>= 0.4.0)
      nokogiri
    ar_outer_joins (0.2.0)
      activerecord (>= 3.2)
    awesome_print (1.8.0)
    axiom-types (0.1.1)
      descendants_tracker (~> 0.0.4)
      ice_nine (~> 0.11.0)
      thread_safe (~> 0.3, >= 0.3.1)
    bcrypt (3.1.16)
    builder (3.2.4)
    byebug (11.1.3)
    chromaprint (0.0.2)
      ffi
    coercible (1.0.0)
      descendants_tracker (~> 0.0.1)
    concurrent-ruby (1.1.7)
    connection_pool (2.2.3)
    database_cleaner_2 (2.1.0)
    deep_dive (0.3.7)
      json (~> 2.0, >= 2.0.2)
      semver2 (~> 3)
    descendants_tracker (0.0.4)
      thread_safe (~> 0.3, >= 0.3.1)
    diff-lcs (1.4.4)
    domain_name (0.5.20190701)
      unf (>= 0.0.5, < 1.0.0)
    dotenv (2.7.6)
    equalizer (0.0.11)
    faraday (1.1.0)
      multipart-post (>= 1.2, < 3)
      ruby2_keywords
    faraday_middleware (1.0.0)
      faraday (~> 1.0)
    ffi (1.13.1)
    globalid (0.4.2)
      activesupport (>= 4.2.0)
    gyoku (1.3.1)
      builder (>= 2.1.2)
    highline (1.7.10)
    http-accept (1.7.0)
    http-cookie (1.0.3)
      domain_name (~> 0.5)
    httpclient (2.8.3)
    httpi (2.4.5)
      rack
      socksify
    i18n (1.8.5)
      concurrent-ruby (~> 1.0)
    ice_nine (0.11.2)
    json (2.3.1)
    kramdown (2.3.0)
      rexml
    libis-format (2.0.0)
      chromaprint (~> 0.0.2)
      deep_dive (~> 0.3)
      libis-tools (~> 1.0)
      mini_magick (~> 4.3)
      naturally (~> 2.1)
      os (= 0.9.6)
    libis-metadata (1.0.2)
      libis-services (~> 1.0)
      libis-tools (~> 1.0)
      parslet (~> 1.7)
      simple_xlsx_reader (~> 1.0)
      thor
      tty-prompt
    libis-services (1.0.10)
      awesome_print (~> 1.6)
      highline (~> 1.7)
      httpclient (~> 2.8)
      libis-tools (~> 1.0)
      oai (~> 0.4)
      rest-client (~> 2.0)
      ruby-oci8 (~> 2.2.2)
      savon (~> 2.11)
      virtus (~> 1.0)
      write_xlsx (~> 0.83)
    libis-tools (1.0.9)
      concurrent-ruby (~> 1.0)
      gyoku (~> 1.3)
      logging (~> 2.0)
      nokogiri (~> 1.6)
      nori (~> 2.6)
      parslet (~> 1.7)
      recursive-open-struct (~> 1.0)
      roo (~> 2.5)
      roo-xls (~> 1.0)
      simple_xlsx_reader (~> 1.0)
      thor
      tty-config
      tty-prompt
      yard (~> 0.9.11)
    little-plugger (1.1.4)
    logging (2.3.0)
      little-plugger (~> 1.1)
      multi_json (~> 1.14)
    mail (2.7.1)
      mini_mime (>= 0.1.1)
    method_source (1.0.0)
    mime-types (3.3.1)
      mime-types-data (~> 3.2015)
    mime-types-data (3.2020.1104)
    mini_magick (4.11.0)
    mini_mime (1.0.2)
    mini_portile2 (2.4.0)
    minitest (5.14.2)
    multi_json (1.15.0)
    multipart-post (2.1.1)
    naturally (2.2.0)
    netrc (0.11.0)
    nokogiri (1.10.10)
      mini_portile2 (~> 2.4.0)
    nori (2.6.0)
    oai (0.4.0)
      builder (>= 3.1.0)
      faraday
      faraday_middleware
    order_as_specified (1.6)
      activerecord (>= 5.0.0)
    os (0.9.6)
    parslet (1.8.2)
    pastel (0.8.0)
      tty-color (~> 0.5)
    pg (1.2.3)
    public_suffix (4.0.6)
    rack (2.2.3)
    rake (13.0.1)
    ranked-model (0.4.6)
      activerecord (>= 4.2)
    recursive-open-struct (1.1.3)
    redis (4.2.2)
    rest-client (2.1.0)
      http-accept (>= 1.7.0, < 2.0)
      http-cookie (>= 1.0.2, < 2.0)
      mime-types (>= 1.16, < 4.0)
      netrc (~> 0.8)
    rexml (3.2.4)
    roda (3.37.0)
      rack
    roo (2.8.3)
      nokogiri (~> 1)
      rubyzip (>= 1.3.0, < 3.0.0)
    roo-xls (1.2.0)
      nokogiri
      roo (>= 2.0.0, < 3)
      spreadsheet (> 0.9.0)
    rspec (3.10.0)
      rspec-core (~> 3.10.0)
      rspec-expectations (~> 3.10.0)
      rspec-mocks (~> 3.10.0)
    rspec-core (3.10.0)
      rspec-support (~> 3.10.0)
    rspec-expectations (3.10.0)
      diff-lcs (>= 1.2.0, < 2.0)
      rspec-support (~> 3.10.0)
    rspec-mocks (3.10.0)
      diff-lcs (>= 1.2.0, < 2.0)
      rspec-support (~> 3.10.0)
    rspec-support (3.10.0)
    ruby-enum (0.8.0)
      i18n
    ruby-oci8 (2.2.8)
    ruby-ole (1.2.12.2)
    ruby2_keywords (0.0.2)
    rubyzip (2.3.0)
    savon (2.12.1)
      akami (~> 1.2)
      builder (>= 2.1.2)
      gyoku (~> 1.2)
      httpi (~> 2.3)
      nokogiri (>= 1.8.1)
      nori (~> 2.4)
      wasabi (~> 3.4)
    semver2 (3.4.2)
    sidekiq (6.1.2)
      connection_pool (>= 2.2.2)
      rack (~> 2.0)
      redis (>= 4.2.0)
    simple_xlsx_reader (1.0.4)
      nokogiri
      rubyzip
    socksify (1.7.1)
    spreadsheet (1.2.6)
      ruby-ole (>= 1.0)
    symbolized (0.0.1)
    thor (1.0.1)
    thread_safe (0.3.6)
    time_difference (0.5.0)
      activesupport
    tty-color (0.6.0)
    tty-config (0.4.0)
    tty-cursor (0.7.1)
    tty-prompt (0.22.0)
      pastel (~> 0.8)
      tty-reader (~> 0.8)
    tty-reader (0.8.0)
      tty-cursor (~> 0.7)
      tty-screen (~> 0.8)
      wisper (~> 2.0)
    tty-screen (0.8.1)
    tty-spinner (0.9.3)
      tty-cursor (~> 0.7)
    tzinfo (1.2.8)
      thread_safe (~> 0.1)
    unf (0.1.4)
      unf_ext
    unf_ext (0.0.7.7)
    virtus (1.0.5)
      axiom-types (~> 0.1)
      coercible (~> 1.0)
      descendants_tracker (~> 0.0, >= 0.0.3)
      equalizer (~> 0.0, >= 0.0.9)
    wasabi (3.6.1)
      addressable
      httpi (~> 2.0)
      nokogiri (>= 1.4.2)
    wisper (2.0.1)
    write_xlsx (0.86.0)
      rubyzip (>= 1.0.0)
      zip-zip
    yard (0.9.25)
    zeitwerk (2.4.1)
    zip-zip (0.3)
      rubyzip (>= 1.0.0)

PLATFORMS
  ruby

DEPENDENCIES
  active_record_extended
  activerecord
  activesupport
  awesome_print
  bcrypt
  bundler
  byebug
  database_cleaner_2
  dotenv
  globalid
  kramdown
  libis-format (~> 2.0)
  libis-metadata (~> 1.0)
  libis-tools
  mail
  method_source
  order_as_specified
  pg
  rake
  ranked-model
  roda
  rspec
  ruby-enum
  sidekiq (< 7)
  symbolized
  time_difference
  tty-prompt
  tty-spinner

BUNDLED WITH
   2.1.4
